GEM
  remote: http://rubygems.org/
  specs:
    actionpack (2.3.8)
      activesupport (= 2.3.8)
      rack (~> 1.1.0)
    activerecord (2.3.8)
      activesupport (= 2.3.8)
    activesupport (2.3.8)
    columnize (0.3.1)
    gemcutter (0.6.1)
    git (1.2.5)
    hanoi (0.0.3)
    jeweler (1.4.0)
      gemcutter (>= 0.1.0)
      git (>= 1.2.5)
      rubyforge (>= 2.0.0)
    json_pure (1.4.3)
    linecache (0.43)
    rack (1.1.0)
    rspec (1.3.0)
    ruby-debug (0.10.3)
      columnize (>= 0.1)
      ruby-debug-base (~> 0.10.3.0)
    ruby-debug-base (0.10.3)
      linecache (>= 0.3)
    rubyforge (2.0.4)
      json_pure (>= 1.1.7)
    sqlite3-ruby (1.3.1)

PLATFORMS
  ruby

DEPENDENCIES
  actionpack (= 2.3.8)
  activerecord (= 2.3.8)
  activesupport (= 2.3.8)
  git
  hanoi
  jeweler
  rack (= 1.1.0)
  rspec
  ruby-debug
  sqlite3-ruby
